PATH
  remote: .
  specs:
    awsquery (0.3.2)
      fog
      json
      rubydns

GEM
  remote: http://rubygems.org/
  specs:
    builder (3.0.0)
    eventmachine (0.12.10)
    excon (0.14.3)
    fog (1.4.0)
      builder
      excon (~> 0.14.0)
      formatador (~> 0.2.0)
      mime-types
      multi_json (~> 1.0)
      net-scp (~> 1.0.4)
      net-ssh (>= 2.1.3)
      nokogiri (~> 1.5.0)
      ruby-hmac
    formatador (0.2.3)
    json (1.7.3)
    mime-types (1.19)
    multi_json (1.3.6)
    net-scp (1.0.4)
      net-ssh (>= 1.99.1)
    net-ssh (2.5.2)
    nokogiri (1.5.5)
    rexec (1.4.1)
    ruby-hmac (0.4.0)
    rubydns (0.4.1)
      eventmachine
      rexec

PLATFORMS
  ruby

DEPENDENCIES
  awsquery!
