PATH
  remote: .
  specs:
    awsquery (0.3.2)
      fog
      json
      rubydns (~> 0.4)

GEM
  remote: http://rubygems.org/
  specs:
    builder (3.1.4)
    eventmachine (1.0.0)
    excon (0.16.8)
    fog (1.7.0)
      builder
      excon (~> 0.14)
      formatador (~> 0.2.0)
      mime-types
      multi_json (~> 1.0)
      net-scp (~> 1.0.4)
      net-ssh (>= 2.1.3)
      nokogiri (~> 1.5.0)
      ruby-hmac
    formatador (0.2.4)
    json (1.7.5)
    mime-types (1.19)
    multi_json (1.3.7)
    net-scp (1.0.4)
      net-ssh (>= 1.99.1)
    net-ssh (2.6.1)
    nokogiri (1.5.5)
    rainbow (1.1.4)
    rexec (1.5.1)
      rainbow
    ruby-hmac (0.4.0)
    rubydns (0.5.3)
      eventmachine (~> 1.0.0)
      rexec (~> 1.5.1)

PLATFORMS
  ruby

DEPENDENCIES
  awsquery!
